GEM
  remote: https://rubygems.org/
  specs:
    coffee-script (2.2.0)
      coffee-script-source
      execjs
    coffee-script-source (1.7.0)
    concurrent-ruby (1.2.2)
    execjs (2.0.2)
    haml (4.0.5)
      tilt
    json (2.6.3)
    mysql2 (0.3.15)
    opal (0.6.1)
      source_map
      sprockets
    opal-haml (0.2.0)
      haml
      opal (>= 0.5.0, < 1.0.0)
    opal-jquery (0.2.0)
      opal (>= 0.5.0, < 1.0.0)
    rack (1.6.13)
    rack-protection (1.5.3)
      rack
    rake (10.3.1)
    sass (3.3.5)
    sequel (4.10.0)
    sinatra (1.4.5)
      rack (~> 1.4)
      rack-protection (~> 1.4)
      tilt (~> 1.3, >= 1.3.4)
    sinatra-asset-pipeline (0.3.3)
      coffee-script
      rake
      sass
      sinatra
      sprockets
      sprockets-helpers
      sprockets-sass
    source_map (3.0.1)
      json
    sprockets (3.7.2)
      concurrent-ruby (~> 1.0)
      rack (> 1, < 3)
    sprockets-helpers (1.4.0)
      sprockets (>= 2.2)
    sprockets-sass (2.0.0.beta2)
      sprockets (>= 2.0, < 4.0)
    tilt (1.4.1)

PLATFORMS
  ruby

DEPENDENCIES
  mysql2
  opal
  opal-haml
  opal-jquery
  sequel
  sinatra
  sinatra-asset-pipeline
